GEM
  remote: https://rubygems.org/
  specs:
    bcrypt (3.1.10)
    bitcoin-ruby (0.0.6)
    coderay (1.1.0)
    coin-op (0.4.3)
      bitcoin-ruby (= 0.0.6)
      hashie (~> 2.0)
      money-tree (~> 0.9)
      rbnacl-libsodium (~> 1.0)
    dotenv (2.0.1)
    ffi (1.9.8)
    hashie (2.1.2)
    http (0.6.0)
      http_parser.rb (~> 0.6.0)
    http_parser.rb (0.6.0)
    json (1.8.3)
    method_source (0.8.2)
    money-tree (0.9.0)
      ffi
    patchboard (0.5.2)
      hashie (~> 2.0)
      http (~> 0.5)
      json (~> 1.8)
    pg (0.18.2)
    pry (0.10.1)
      coderay (~> 1.1.0)
      method_source (~> 0.8.1)
      slop (~> 3.4)
    rack (1.6.1)
    rack-protection (1.5.3)
      rack
    rack-ssl-enforcer (0.2.8)
    rbnacl (3.1.2)
      ffi
    rbnacl-libsodium (1.0.3)
      rbnacl (~> 3.0, >= 3.0.1)
    rotp (2.1.0)
    round (0.8.0)
      coin-op (= 0.4.3)
      http (= 0.6.0)
      patchboard (~> 0.5)
      rbnacl (~> 3.1.0)
      rbnacl-libsodium (~> 1.0.0)
      rotp (= 2.1.0)
    sinatra (1.4.6)
      rack (~> 1.4)
      rack-protection (~> 1.4)
      tilt (>= 1.3, < 3)
    slop (3.6.0)
    tilt (2.0.1)

PLATFORMS
  ruby

DEPENDENCIES
  bcrypt
  dotenv
  pg
  pry
  rack-ssl-enforcer
  round
  sinatra

BUNDLED WITH
   1.10.3
